##TITLE= Parameter file, TOPSPIN		Version 2.1
##JCAMPDX= 5.0
##DATATYPE= Parameter Values
##NPOINTS= 4	$$ modification sequence number
##ORIGIN= Bruker Analytik GmbH
##OWNER= comet
$$ 2010-05-25 15:39:43.207 +0100  IC\tebbels@DS-TEBBELSXP
$$ O:/data/tebbels/nmr/succinic_acid/26/pdata/1/procs
$$ process C:\Bruker\TOPSPIN\prog\mod\proc1d.exe
##$ABSF1= 0
##$ABSF2= 0
##$ABSG= 0
##$ABSL= 0
##$ALPHA= 0
##$AQORDER= 0
##$ASSFAC= 0
##$ASSFACI= 0
##$ASSFACX= 0
##$ASSWID= 0
##$AUNMP= <>
##$AXLEFT= 0
##$AXNAME= <>
##$AXNUC= <1H>
##$AXRIGHT= 0
##$AXTYPE= 0
##$AXUNIT= <>
##$AZFE= 0.1
##$AZFW= 0.1
##$BCFW= 0.7
##$BC_mod= 6
##$BYTORDP= 0
##$COROFFS= 0
##$CY= -3
##$DATMOD= 1
##$DC= 0
##$DFILT= <>
##$DTYPP= 0
##$F1P= 0
##$F2P= 0
##$FCOR= 0.5
##$FTSIZE= 65536
##$FT_mod= 6
##$GAMMA= 0
##$GB= 0
##$INTBC= 1
##$INTSCL= 1
##$ISEN= 128
##$LB= 0.3
##$LEV0= 0
##$LPBIN= 0
##$MAXI= 2000
##$MC2= 0
##$MEAN= 0
##$ME_mod= 0
##$MI= 0
##$NCOEF= 0
##$NC_proc= -1
##$NLEV= 6
##$NOISF1= 0
##$NOISF2= 0
##$NSP= 0
##$NTH_PI= 0
##$NZP= 0
##$OFFSET= 10.29857
##$PC= 1
##$PHC0= 29.05848
##$PHC1= -18.2
##$PH_mod= 1
##$PKNL= yes
##$PPARMOD= 0
##$PPDIAG= 0
##$PPIPTYP= 0
##$PPMPNUM= 2147483647
##$PPRESOL= 1
##$PSCAL= 4
##$PSIGN= 0
##$PYNMP= <proc.py>
##$REVERSE= no
##$SF= 600.289948548463
##$SI= 65536
##$SIGF1= 0
##$SIGF2= 0
##$SINO= 400
##$SIOLD= 65536
##$SPECTYP= <>
##$SREGLST= <1H.H2O>
##$SSB= 0
##$STSI= 65536
##$STSR= 0
##$SW_p= 6613.75661375662
##$SYMM= 0
##$S_DEV= 0
##$TDeff= 65536
##$TDoff= 0
##$TI= <R06r06h+999_1H1d(np)

>
##$TILT= no
##$TM1= 0
##$TM2= 0
##$TOPLEV= 0
##$USERP1= <user>
##$USERP2= <user>
##$USERP3= <user>
##$USERP4= <user>
##$USERP5= <user>
##$WDW= 1
##$XDIM= 8192
##$YMAX_p= 333589624
##$YMIN_p= -70297
##END=
