##TITLE= Parameter file, TOPSPIN		Version 2.1
##JCAMPDX= 5.0
##DATATYPE= Parameter Values
##NPOINTS= 6	$$ modification sequence number
##ORIGIN= Bruker BioSpin GmbH
##OWNER= comet
$$ 2010-05-25 13:12:39.369 +0100  IC\tebbels@DS-TEBBELSXP
$$ O:/data/tebbels/nmr/guanidoacetic_acid/7/pdata/1/proc
$$ process C:\Bruker\TOPSPIN\prog\mod\dataserver.exe
##$ABSF1= 10
##$ABSF2= -1
##$ABSG= 5
##$ABSL= 3
##$ALPHA= 0
##$AQORDER= 0
##$ASSFAC= 0
##$ASSFACI= 0
##$ASSFACX= 0
##$ASSWID= 0
##$AUNMP= <proc_no>
##$AXLEFT= 0
##$AXNAME= <>
##$AXNUC= <off>
##$AXRIGHT= 0
##$AXTYPE= 0
##$AXUNIT= <>
##$AZFE= 0.1
##$AZFW= 0.1
##$BCFW= 0.3
##$BC_mod= 6
##$BYTORDP= 1
##$COROFFS= 0
##$CY= -3
##$DATMOD= 1
##$DC= 2
##$DFILT= <>
##$DTYPP= 0
##$F1P= 0
##$F2P= 0
##$FCOR= 0.5
##$FTSIZE= 32768
##$FT_mod= 6
##$GAMMA= 1
##$GB= 0.3
##$INTBC= 1
##$INTSCL= 1
##$ISEN= 128
##$LB= 0.3
##$LEV0= 0
##$LPBIN= 0
##$MAXI= 2000
##$MC2= 0
##$MEAN= 0
##$ME_mod= 0
##$MI= 0
##$NCOEF= 0
##$NC_proc= 0
##$NLEV= 6
##$NOISF1= 0
##$NOISF2= 0
##$NSP= 1
##$NTH_PI= 0
##$NZP= 0
##$OFFSET= 14.75741
##$PC= 1
##$PHC0= -115.3747
##$PHC1= -32.59649
##$PH_mod= 0
##$PKNL= yes
##$PPARMOD= 0
##$PPDIAG= 0
##$PPIPTYP= 0
##$PPMPNUM= 2147483647
##$PPRESOL= 1
##$PSCAL= 4
##$PSIGN= 0
##$PYNMP= <proc.py>
##$REVERSE= no
##$SF= 600.289972889534
##$SI= 32768
##$SIGF1= 0
##$SIGF2= 0
##$SINO= 400
##$SIOLD= 32768
##$SPECTYP= <>
##$SREGLST= <1H.D2O>
##$SSB= 0
##$STSI= 0
##$STSR= 0
##$SW_p= 12019.2307692308
##$SYMM= 0
##$S_DEV= 0
##$TDeff= 0
##$TDoff= 0
##$TI= <vb_fi D2O u comet {1b  B3} {muireannUrineWaste user} {} WH12#llvs

>
##$TILT= no
##$TM1= 0
##$TM2= 0
##$TOPLEV= 0
##$USERP1= <user>
##$USERP2= <user>
##$USERP3= <user>
##$USERP4= <user>
##$USERP5= <user>
##$WDW= 1
##$XDIM= 8192
##$YMAX_p= 0
##$YMIN_p= 0
##END=
