##TITLE= Parameter file, XWIN-NMR		Version 3.0
##JCAMPDX= 5.0
##DATATYPE= Parameter Values
##ORIGIN= Bruker Analytik GmbH
##OWNER= comet
$$ Wed Apr  7 12:43:12 2004 BST (UT+1h)  comet@bc-jkn-17.sk.med.ic.ac.uk
$$ /u/data/comet/nmr/derek070404/37/scon
##$BLKPA= (0..15)
3 3 3 3 3 3 3 3 3 3 3 3 3 3 3 3 
##$BLKTR= (0..15)
3 3 3 3 3 3 3 3 3 3 3 3 3 3 3 3 
##$DE1= 2
##$DE2= 2
##$DEADC= 4
##$DEPA= 2
##$DERX= 3
##$PHASP4= (0..15)
0.5 0.5 0.5 0.5 0.5 0.5 0.5 0.5 0.5 0.5 0.5 0.5 0.5 0.5 0.5 0.5 
##$PHASPR= (0..15)
3 4 3 3 3 3 3 3 3 3 3 3 3 3 3 3 
##$SHAPPR= (0..15)
1.6 0 1.6 1.6 1.6 1.6 1.6 1.6 1.6 1.6 1.6 1.6 1.6 1.6 1.6 1.6 
##END=
